PATH
  remote: .
  specs:
    dspy (0.30.1)
      anthropic (~> 1.12)
      async (~> 2.29)
      concurrent-ruby (~> 1.3)
      dry-configurable (~> 1.0)
      dry-logger (~> 1.0)
      dspy-schema (~> 1.0.0)
      informers (~> 1.2)
      sorbet-baml (~> 0.1)
      sorbet-runtime (~> 0.5)
      sorbet-schema (~> 0.3)
    dspy-datasets (1.0.0)
      dspy (= 0.30.1)
      red-parquet (~> 21.0)
    dspy-evals (1.0.0)
      concurrent-ruby (~> 1.3)
      dspy (= 0.30.1)
      polars-df (~> 0.15)
    dspy-gemini (1.0.0)
      dspy (= 0.30.1)
      gemini-ai (~> 4.3)
    dspy-gepa (1.0.0)
      dspy (= 0.30.1)
      gepa (= 1.0.0)
    dspy-miprov2 (1.0.0)
      dspy (= 0.30.1)
      numo-narray-alt (~> 0.9)
      numo-tiny_linalg (~> 0.4)
    dspy-o11y (1.0.0)
      concurrent-ruby (~> 1.3)
      dspy (= 0.30.1)
      opentelemetry-sdk (~> 1.8)
    dspy-o11y-langfuse (1.0.0)
      dspy-o11y (= 1.0.0)
      opentelemetry-exporter-otlp (~> 0.30)
      opentelemetry-sdk (~> 1.8)
    dspy-openai (1.0.0)
      dspy (= 0.30.1)
      openai (~> 0.34)
    dspy-schema (1.0.0)
      sorbet-runtime (>= 0.5.0)
    gepa (1.0.0)
      dspy (= 0.30.1)

GEM
  remote: https://rubygems.org/
  specs:
    addressable (2.8.7)
      public_suffix (>= 2.0.2, < 7.0)
    anthropic (1.12.0)
      connection_pool
    aruba (2.3.2)
      bundler (>= 1.17, < 3.0)
      contracts (>= 0.16.0, < 0.18.0)
      cucumber (>= 8.0, < 11.0)
      rspec-expectations (>= 3.4, < 5.0)
      thor (~> 1.0)
    async (2.33.0)
      console (~> 1.29)
      fiber-annotation
      io-event (~> 1.11)
      metrics (~> 0.12)
      traces (~> 0.18)
    base64 (0.3.0)
    bigdecimal (3.3.0)
    builder (3.3.0)
    byebug (11.1.3)
    chronic (0.10.2)
    cli-ui (2.6.0)
    concurrent-ruby (1.3.5)
    connection_pool (2.5.4)
    console (1.34.0)
      fiber-annotation
      fiber-local (~> 1.1)
      json
    contracts (0.17.2)
    crack (1.0.0)
      bigdecimal
      rexml
    csv (3.3.5)
    cucumber (10.1.1)
      base64 (~> 0.2)
      builder (~> 3.2)
      cucumber-ci-environment (> 9, < 11)
      cucumber-core (> 15, < 17)
      cucumber-cucumber-expressions (> 17, < 19)
      cucumber-html-formatter (> 20.3, < 22)
      diff-lcs (~> 1.5)
      logger (~> 1.6)
      mini_mime (~> 1.1)
      multi_test (~> 1.1)
      sys-uname (~> 1.3)
    cucumber-ci-environment (10.0.1)
    cucumber-core (15.3.0)
      cucumber-gherkin (> 27, < 35)
      cucumber-messages (> 26, < 30)
      cucumber-tag-expressions (> 5, < 9)
    cucumber-cucumber-expressions (18.0.1)
      bigdecimal
    cucumber-gherkin (34.0.0)
      cucumber-messages (> 25, < 29)
    cucumber-html-formatter (21.15.1)
      cucumber-messages (> 19, < 28)
    cucumber-messages (27.2.0)
    cucumber-tag-expressions (8.0.0)
    diff-lcs (1.6.2)
    dotenv (2.8.1)
    dry-configurable (1.3.0)
      dry-core (~> 1.1)
      zeitwerk (~> 2.6)
    dry-core (1.1.0)
      concurrent-ruby (~> 1.0)
      logger
      zeitwerk (~> 2.6)
    dry-logger (1.1.0)
    ethon (0.17.0)
      ffi (>= 1.15.0)
    event_stream_parser (1.0.0)
    exa-ai-ruby (1.1.2)
      connection_pool (~> 2.4)
      dspy-schema (~> 1.0)
      pastel (~> 0.8)
      sorbet-runtime (~> 0.5)
      thor (~> 1.3)
      tty-table (~> 0.12)
    extpp (0.1.1)
    faraday (2.14.0)
      faraday-net_http (>= 2.0, < 3.5)
      json
      logger
    faraday-net_http (3.4.1)
      net-http (>= 0.5.0)
    faraday-retry (2.3.2)
      faraday (~> 2.0)
    faraday-typhoeus (1.1.0)
      faraday (~> 2.0)
      typhoeus (~> 1.4)
    ffi (1.17.2)
    ffi (1.17.2-arm64-darwin)
    fiber-annotation (0.2.0)
    fiber-local (1.1.0)
      fiber-storage
    fiber-storage (1.0.1)
    fiddle (1.1.8)
    gemini-ai (4.3.0)
      event_stream_parser (~> 1.0)
      faraday (~> 2.13, >= 2.13.2)
      faraday-typhoeus (~> 1.1)
      googleauth (~> 1.8)
      typhoeus (~> 1.4, >= 1.4.1)
    gio2 (4.3.3)
      fiddle
      gobject-introspection (= 4.3.3)
    glib2 (4.3.3)
      native-package-installer (>= 1.0.3)
      pkg-config (>= 1.3.5)
    gobject-introspection (4.3.3)
      glib2 (= 4.3.3)
    google-cloud-env (2.3.1)
      base64 (~> 0.2)
      faraday (>= 1.0, < 3.a)
    google-logging-utils (0.2.0)
    google-protobuf (4.32.1)
      bigdecimal
      rake (>= 13)
    google-protobuf (4.32.1-arm64-darwin)
      bigdecimal
      rake (>= 13)
    googleapis-common-protos-types (1.21.0)
      google-protobuf (~> 4.26)
    googleauth (1.15.0)
      faraday (>= 1.0, < 3.a)
      google-cloud-env (~> 2.2)
      google-logging-utils (~> 0.1)
      jwt (>= 1.4, < 4.0)
      multi_json (~> 1.11)
      os (>= 0.9, < 2.0)
      signet (>= 0.16, < 2.a)
    hashdiff (1.2.1)
    informers (1.2.1)
      onnxruntime (>= 0.9)
      tokenizers (>= 0.5.3)
    io-console (0.8.1)
    io-event (1.14.0)
    json (2.15.1)
    jwt (3.1.2)
      base64
    lf-cli (1.0.0)
      chronic (~> 0.10)
      csv (~> 3.0)
      faraday (~> 2.0)
      faraday-retry (~> 2.0)
      pastel (~> 0.8)
      sorbet-runtime (~> 0.5)
      terminal-table (~> 3.0)
      thor (~> 1.3)
      tty-prompt (~> 0.23)
      tty-spinner (~> 0.9)
      tty-table (~> 0.12)
    logger (1.7.0)
    memoist3 (1.0.0)
    metrics (0.15.0)
    mini_mime (1.1.5)
    multi_json (1.17.0)
    multi_test (1.1.0)
    native-package-installer (1.1.9)
    net-http (0.6.0)
      uri
    newrelic_rpm (9.21.0)
    numo-narray (0.9.2.1)
    numo-narray-alt (0.9.6)
    numo-tiny_linalg (0.4.0)
      numo-narray (>= 0.9.1)
    onnxruntime (0.10.1)
      ffi
    onnxruntime (0.10.1-arm64-darwin)
      ffi
    openai (0.34.1)
      connection_pool
    opentelemetry-api (1.7.0)
    opentelemetry-common (0.22.0)
      opentelemetry-api (~> 1.0)
    opentelemetry-exporter-otlp (0.30.0)
      google-protobuf (>= 3.18)
      googleapis-common-protos-types (~> 1.3)
      opentelemetry-api (~> 1.1)
      opentelemetry-common (~> 0.20)
      opentelemetry-sdk (~> 1.2)
      opentelemetry-semantic_conventions
    opentelemetry-registry (0.4.0)
      opentelemetry-api (~> 1.1)
    opentelemetry-sdk (1.9.0)
      opentelemetry-api (~> 1.1)
      opentelemetry-common (~> 0.20)
      opentelemetry-registry (~> 0.2)
      opentelemetry-semantic_conventions
    opentelemetry-semantic_conventions (1.36.0)
      opentelemetry-api (~> 1.0)
    os (1.1.4)
    pastel (0.8.0)
      tty-color (~> 0.5)
    pkg-config (1.6.4)
    polars-df (0.22.0)
      bigdecimal
      rb_sys
    polars-df (0.22.0-arm64-darwin)
      bigdecimal
    public_suffix (6.0.2)
    rake (13.3.0)
    rake-compiler-dock (1.9.1)
    rb_sys (0.9.117)
      rake-compiler-dock (= 1.9.1)
    red-arrow (21.0.0)
      bigdecimal (>= 3.1.0)
      csv
      extpp (>= 0.1.1)
      gio2 (>= 4.2.3)
      pkg-config
    red-parquet (21.0.0)
      red-arrow (= 21.0.0)
    reline (0.6.2)
      io-console (~> 0.5)
    rexml (3.4.4)
    rspec (3.13.1)
      rspec-core (~> 3.13.0)
      rspec-expectations (~> 3.13.0)
      rspec-mocks (~> 3.13.0)
    rspec-core (3.13.5)
      rspec-support (~> 3.13.0)
    rspec-expectations (3.13.5)
      diff-lcs (>= 1.2.0, < 2.0)
      rspec-support (~> 3.13.0)
    rspec-mocks (3.13.5)
      diff-lcs (>= 1.2.0, < 2.0)
      rspec-support (~> 3.13.0)
    rspec-support (3.13.6)
    signet (0.21.0)
      addressable (~> 2.8)
      faraday (>= 0.17.5, < 3.a)
      jwt (>= 1.5, < 4.0)
      multi_json (~> 1.10)
    sorbet-baml (0.3.0)
      sorbet-runtime (~> 0.5)
    sorbet-result (1.4.0)
      sorbet-runtime (~> 0.5)
    sorbet-runtime (0.6.12627)
    sorbet-schema (0.9.2)
      sorbet-result (~> 1.1)
      sorbet-runtime (~> 0.5)
      sorbet-struct-comparable (~> 1.3)
      zeitwerk (~> 2.6)
    sorbet-struct-comparable (1.3.0)
      sorbet-runtime (>= 0.5)
    strings (0.2.1)
      strings-ansi (~> 0.2)
      unicode-display_width (>= 1.5, < 3.0)
      unicode_utils (~> 1.4)
    strings-ansi (0.2.0)
    sys-uname (1.4.1)
      ffi (~> 1.1)
      memoist3 (~> 1.0.0)
    terminal-table (3.0.2)
      unicode-display_width (>= 1.1.1, < 3)
    thor (1.4.0)
    tokenizers (0.6.1)
      rb_sys
    tokenizers (0.6.1-arm64-darwin)
    traces (0.18.2)
    tty-color (0.6.0)
    tty-cursor (0.7.1)
    tty-prompt (0.23.1)
      pastel (~> 0.8)
      tty-reader (~> 0.8)
    tty-reader (0.9.0)
      tty-cursor (~> 0.7)
      tty-screen (~> 0.8)
      wisper (~> 2.0)
    tty-screen (0.8.2)
    tty-spinner (0.9.3)
      tty-cursor (~> 0.7)
    tty-table (0.12.0)
      pastel (~> 0.8)
      strings (~> 0.2.0)
      tty-screen (~> 0.8)
    typhoeus (1.4.1)
      ethon (>= 0.9.0)
    unicode-display_width (2.6.0)
    unicode_utils (1.4.0)
    uri (1.0.4)
    vcr (6.3.1)
      base64
    webmock (3.25.1)
      addressable (>= 2.8.0)
      crack (>= 0.3.2)
      hashdiff (>= 0.4.0, < 2.0.0)
    wisper (2.0.1)
    zeitwerk (2.7.3)

PLATFORMS
  arm64-darwin-23
  ruby

DEPENDENCIES
  aruba (~> 2.3)
  byebug (~> 11.1)
  cli-ui (~> 2.6)
  csv (~> 3.2)
  dotenv (~> 2.8)
  dspy!
  dspy-datasets!
  dspy-evals!
  dspy-gemini!
  dspy-gepa!
  dspy-miprov2!
  dspy-o11y!
  dspy-o11y-langfuse!
  dspy-openai!
  dspy-schema!
  exa-ai-ruby (~> 1.1)
  faraday (~> 2.0)
  gepa!
  lf-cli (~> 1.0)
  newrelic_rpm (~> 9.21)
  reline (~> 0.5)
  rspec (~> 3.12)
  vcr (~> 6.2)
  webmock (~> 3.18)

BUNDLED WITH
   2.6.5
